GIT
  remote: https://github.com/opinsys/gssapi.git
  revision: 0a44f24ddd5cfc6ee523952392b17da57ecd9777
  branch: gss_krb5_copy_ccache
  specs:
    gssapi (1.1.2)
      ffi (>= 1.0.1)

GEM
  remote: http://rubygems.org/
  specs:
    addressable (2.3.5)
    backports (3.3.4)
    coderay (1.0.9)
    columnize (0.3.6)
    debugger (1.6.2)
      columnize (>= 0.3.1)
      debugger-linecache (~> 1.2.0)
      debugger-ruby_core_source (~> 1.2.3)
    debugger-linecache (1.2.0)
    debugger-ruby_core_source (1.2.3)
    ffi (1.9.0)
    jwt (0.1.8)
      multi_json (>= 1.5)
    m (1.3.2)
      method_source (>= 0.6.7)
      rake (>= 0.9.2.2)
    macaddr (1.6.1)
      systemu (~> 2.5.0)
    method_source (0.8.2)
    multi_json (1.8.1)
    pry (0.9.12.2)
      coderay (~> 1.0.5)
      method_source (~> 0.8)
      slop (~> 3.4)
    puma (2.6.0)
      rack (>= 1.1, < 2.0)
    r18n-core (1.1.6)
    rack (1.5.2)
    rack-protection (1.5.0)
      rack
    rack-rewrite (1.4.01)
    rack-test (0.6.2)
      rack (>= 1.0)
    rake (10.1.0)
    redcarpet (3.0.0)
    redis (3.0.5)
    shotgun (0.9)
      rack (>= 1.0)
    sinatra (1.4.3)
      rack (~> 1.4)
      rack-protection (~> 1.4)
      tilt (~> 1.3, >= 1.3.4)
    sinatra-contrib (1.4.1)
      backports (>= 2.0)
      multi_json
      rack-protection
      rack-test
      sinatra (~> 1.4.0)
      tilt (~> 1.3)
    sinatra-r18n (1.1.6)
      r18n-core (= 1.1.6)
      sinatra (>= 1.3)
    slop (3.4.6)
    systemu (2.5.2)
    tilt (1.4.1)
    timecop (0.6.3)
    uuid (2.3.7)
      macaddr (~> 1.0)
    yard (0.8.7.2)

PLATFORMS
  ruby

DEPENDENCIES
  addressable
  debugger
  gssapi!
  jwt
  m
  multi_json
  pry
  puma
  rack-rewrite
  redcarpet
  redis
  shotgun
  sinatra
  sinatra-contrib
  sinatra-r18n
  timecop
  uuid
  yard
