GIT
  remote: https://github.com/opinsys/gssapi.git
  revision: 0a44f24ddd5cfc6ee523952392b17da57ecd9777
  branch: gss_krb5_copy_ccache
  specs:
    gssapi (1.1.2)
      ffi (>= 1.0.1)

GIT
  remote: https://github.com/resque/resque.git
  revision: 74c2025ab5fa46cdcbc4e13c4e3d044d46443fa0
  ref: 74c2025ab5fa46cdcbc4e13c4e3d044d46443fa0
  specs:
    resque (1.25.1)
      mono_logger (~> 1.0)
      multi_json (~> 1.0)
      redis-namespace (~> 1.2)
      sinatra (>= 0.9.2)
      vegas (~> 0.1.2)

GEM
  remote: http://rubygems.org/
  specs:
    Ascii85 (1.0.2)
    actionmailer (3.2.16)
      actionpack (= 3.2.16)
      mail (~> 2.5.4)
    actionpack (3.2.16)
      activemodel (= 3.2.16)
      activesupport (= 3.2.16)
      builder (~> 3.0.0)
      erubis (~> 2.7.0)
      journey (~> 1.0.4)
      rack (~> 1.4.5)
      rack-cache (~> 1.2)
      rack-test (~> 0.6.1)
      sprockets (~> 2.2.1)
    activeldap (3.2.2)
      activemodel (~> 3.2.8)
      gettext
      gettext_i18n_rails
      locale
    activemodel (3.2.16)
      activesupport (= 3.2.16)
      builder (~> 3.0.0)
    activerecord (3.2.16)
      activemodel (= 3.2.16)
      activesupport (= 3.2.16)
      arel (~> 3.0.2)
      tzinfo (~> 0.3.29)
    activeresource (3.2.16)
      activemodel (= 3.2.16)
      activesupport (= 3.2.16)
    activesupport (3.2.16)
      i18n (~> 0.6, >= 0.6.4)
      multi_json (~> 1.0)
    addressable (2.3.5)
    afm (0.2.0)
    ansi (1.4.3)
    arel (3.0.3)
    backports (3.4.0)
    builder (3.0.4)
    coderay (1.1.0)
    colorize (0.6.0)
    columnize (0.3.6)
    debugger (1.6.5)
      columnize (>= 0.3.1)
      debugger-linecache (~> 1.2.0)
      debugger-ruby_core_source (~> 1.3.1)
    debugger-linecache (1.2.0)
    debugger-ruby_core_source (1.3.1)
    erubis (2.7.0)
    execjs (2.0.2)
    fast_gettext (0.8.1)
    ffi (1.9.3)
    fluent-logger (0.4.7)
      msgpack (>= 0.4.4, < 0.6.0, != 0.5.3, != 0.5.2, != 0.5.1, != 0.5.0)
      yajl-ruby (~> 1.0)
    gettext (3.0.3)
      locale (>= 2.0.5)
      text
    gettext_i18n_rails (1.0.3)
      fast_gettext (>= 0.4.8)
    hashery (2.1.1)
    hike (1.2.3)
    i18n (0.6.9)
    journey (1.0.4)
    json (1.8.1)
    jwt (0.1.11)
      multi_json (>= 1.5)
    locale (2.1.0)
    m (1.3.2)
      method_source (>= 0.6.7)
      rake (>= 0.9.2.2)
    macaddr (1.6.1)
      systemu (~> 2.5.0)
    mail (2.5.4)
      mime-types (~> 1.16)
      treetop (~> 1.4.8)
    method_source (0.8.2)
    mime-types (1.25.1)
    mini_portile (0.5.2)
    mono_logger (1.1.0)
    msgpack (0.5.8)
    multi_json (1.8.4)
    net-ldap (0.3.1)
    nokogiri (1.6.1)
      mini_portile (~> 0.5.0)
    pdf-reader (1.3.3)
      Ascii85 (~> 1.0.0)
      afm (~> 0.2.0)
      hashery (~> 2.0)
      ruby-rc4
      ttfunk
    polyglot (0.3.3)
    prawn (0.14.0)
      pdf-reader (~> 1.2)
      ruby-rc4
      ttfunk (~> 1.0.3)
    pry (0.9.12.4)
      coderay (~> 1.0)
      method_source (~> 0.8)
      slop (~> 3.4)
    puma (2.7.1)
      rack (>= 1.1, < 2.0)
    r18n-core (1.1.8)
    rack (1.4.5)
    rack-cache (1.2)
      rack (>= 0.4)
    rack-protection (1.5.2)
      rack
    rack-rewrite (1.4.01)
    rack-ssl (1.3.3)
      rack
    rack-test (0.6.2)
      rack (>= 1.0)
    rails (3.2.16)
      actionmailer (= 3.2.16)
      actionpack (= 3.2.16)
      activerecord (= 3.2.16)
      activeresource (= 3.2.16)
      activesupport (= 3.2.16)
      bundler (~> 1.0)
      railties (= 3.2.16)
    railties (3.2.16)
      actionpack (= 3.2.16)
      activesupport (= 3.2.16)
      rack-ssl (~> 1.3.2)
      rake (>= 0.8.7)
      rdoc (~> 3.4)
      thor (>= 0.14.6, < 2.0)
    rake (10.1.1)
    rdoc (3.12.2)
      json (~> 1.4)
    redcarpet (3.0.0)
    redis (3.0.7)
    redis-namespace (1.4.1)
      redis (~> 3.0.4)
    ripper-tags (0.1.3)
      yajl-ruby
    rmagick (2.13.2)
    ruby-rc4 (0.1.5)
    shotgun (0.9)
      rack (>= 1.0)
    sinatra (1.4.4)
      rack (~> 1.4)
      rack-protection (~> 1.4)
      tilt (~> 1.3, >= 1.3.4)
    sinatra-contrib (1.4.2)
      backports (>= 2.0)
      multi_json
      rack-protection
      rack-test
      sinatra (~> 1.4.0)
      tilt (~> 1.3)
    sinatra-r18n (1.1.8)
      r18n-core (= 1.1.8)
      sinatra (>= 1.3)
    slop (3.4.7)
    sprockets (2.2.2)
      hike (~> 1.2)
      multi_json (~> 1.0)
      rack (~> 1.0)
      tilt (~> 1.1, != 1.3.0)
    sqlite3 (1.3.8)
    systemu (2.5.2)
    text (1.2.3)
    thor (0.18.1)
    tilt (1.4.1)
    timecop (0.7.1)
    treetop (1.4.15)
      polyglot
      polyglot (>= 0.3.1)
    ttfunk (1.0.3)
    turn (0.9.6)
      ansi
    tzinfo (0.3.38)
    uglifier (2.4.0)
      execjs (>= 0.3.0)
      json (>= 1.8.0)
    uuid (2.3.7)
      macaddr (~> 1.0)
    vegas (0.1.11)
      rack (>= 1.0.0)
    yajl-ruby (1.2.0)

PLATFORMS
  ruby

DEPENDENCIES
  activeldap
  addressable
  colorize
  debugger
  fluent-logger (~> 0.4.3)
  gssapi!
  jwt (~> 0.1.8)
  m
  msgpack
  multi_json
  net-ldap
  nokogiri
  prawn
  pry
  puma (~> 2.7.1)
  rack-rewrite (~> 1.4.01)
  rails (~> 3.2.16)
  rdoc
  redcarpet
  redis
  redis-namespace
  resque!
  ripper-tags
  rmagick
  shotgun
  sinatra (~> 1.4.4)
  sinatra-contrib
  sinatra-r18n (~> 1.1.8)
  sqlite3
  timecop
  turn
  uglifier
  uuid
  yajl-ruby
